PATH
  remote: .
  specs:
    coquelicot (0.9.6)
      fast_gettext
      haml (~> 4)
      haml-magic-translations
      json
      lockfile (~> 2)
      maruku
      moneta (>= 0.7, < 2)
      multipart-parser
      rack (>= 1.1, < 2)
      rainbows
      sass
      sinatra (~> 1.4)
      sinatra-contrib (~> 1.4)
      upr

GEM
  remote: https://rubygems.org/
  specs:
    activesupport (5.0.0.1)
      concurrent-ruby (~> 1.0, >= 1.0.2)
      i18n (~> 0.7)
      minitest (~> 5.1)
      tzinfo (~> 1.1)
    addressable (2.5.0)
      public_suffix (~> 2.0, >= 2.0.2)
    backports (3.6.8)
    bcrypt (3.1.11)
    builder (3.2.2)
    capybara (2.11.0)
      addressable
      mime-types (>= 1.16)
      nokogiri (>= 1.3.3)
      rack (>= 1.0.0)
      rack-test (>= 0.5.4)
      xpath (~> 2.0)
    concurrent-ruby (1.0.3)
    cucumber (2.4.0)
      builder (>= 2.1.2)
      cucumber-core (~> 1.5.0)
      cucumber-wire (~> 0.0.1)
      diff-lcs (>= 1.1.3)
      gherkin (~> 4.0)
      multi_json (>= 1.7.5, < 2.0)
      multi_test (>= 0.1.2)
    cucumber-core (1.5.0)
      gherkin (~> 4.0)
    cucumber-wire (0.0.1)
    diff-lcs (1.2.5)
    fast_gettext (1.3.0)
    gettext (3.2.2)
      locale (>= 2.0.5)
      text (>= 1.3.0)
    gherkin (4.0.0)
    haml (4.0.7)
      tilt
    haml-magic-translations (4.2.0)
      haml (~> 4.0)
    i18n (0.7.0)
    json (2.0.2)
    kgio (2.11.0)
    locale (2.1.2)
    lockfile (2.1.3)
    maruku (0.7.2)
    mime-types (3.1)
      mime-types-data (~> 3.2015)
    mime-types-data (3.2016.0521)
    mini_portile2 (2.3.0)
    minitest (5.10.1)
    moneta (0.8.1)
    multi_json (1.12.1)
    multi_test (0.1.2)
    multipart-parser (0.1.1)
    net-ldap (0.16.0)
    nokogiri (1.8.2)
      mini_portile2 (~> 2.3.0)
    public_suffix (2.0.4)
    rack (1.6.5)
    rack-protection (1.5.3)
      rack
    rack-test (0.6.3)
      rack (>= 1.0)
    rainbows (5.0.0)
      kgio (~> 2.5)
      rack (~> 1.1)
      unicorn (~> 5.0)
    raindrops (0.17.0)
    rake (12.0.0)
    rspec (3.5.0)
      rspec-core (~> 3.5.0)
      rspec-expectations (~> 3.5.0)
      rspec-mocks (~> 3.5.0)
    rspec-core (3.5.4)
      rspec-support (~> 3.5.0)
    rspec-expectations (3.5.0)
      diff-lcs (>= 1.2.0, < 2.0)
      rspec-support (~> 3.5.0)
    rspec-mocks (3.5.0)
      diff-lcs (>= 1.2.0, < 2.0)
      rspec-support (~> 3.5.0)
    rspec-support (3.5.0)
    sass (3.4.22)
    sinatra (1.4.7)
      rack (~> 1.5)
      rack-protection (~> 1.4)
      tilt (>= 1.3, < 3)
    sinatra-contrib (1.4.7)
      backports (>= 2.0)
      multi_json
      rack-protection
      rack-test
      sinatra (~> 1.4.0)
      tilt (>= 1.3, < 3)
    text (1.3.1)
    thread_safe (0.3.5)
    tilt (2.0.5)
    timecop (0.8.1)
    tzinfo (1.2.2)
      thread_safe (~> 0.1)
    unicorn (5.2.0)
      kgio (~> 2.6)
      raindrops (~> 0.7)
    upr (0.3.0)
      moneta (~> 0.7)
      rack
    xpath (2.0.0)
      nokogiri (~> 1.3)

PLATFORMS
  ruby

DEPENDENCIES
  activesupport
  bcrypt
  capybara
  coquelicot!
  cucumber
  gettext (~> 3)
  net-ldap
  rack-test
  rake
  rspec (~> 3)
  timecop
  tzinfo

BUNDLED WITH
   1.16.1
