PATH
  remote: .
  specs:
    coquelicot (0.9.3)
      fast_gettext
      gettext (~> 3)
      haml (~> 4)
      haml-magic-translations
      json
      lockfile (~> 2)
      maruku
      moneta (~> 0.7)
      multipart-parser
      rack (>= 1.1, < 2)
      rainbows
      sass
      sinatra (~> 1.4)
      sinatra-contrib (~> 1.4)
      upr

GEM
  remote: https://rubygems.org/
  specs:
    activesupport (4.2.4)
      i18n (~> 0.7)
      json (~> 1.7, >= 1.7.7)
      minitest (~> 5.1)
      thread_safe (~> 0.3, >= 0.3.4)
      tzinfo (~> 1.1)
    backports (3.6.6)
    capybara (2.5.0)
      mime-types (>= 1.16)
      nokogiri (>= 1.3.3)
      rack (>= 1.0.0)
      rack-test (>= 0.5.4)
      xpath (~> 2.0)
    diff-lcs (1.2.5)
    fast_gettext (0.9.2)
    gettext (3.1.6)
      locale (>= 2.0.5)
      text (>= 1.3.0)
    haml (4.0.7)
      tilt
    haml-magic-translations (4.1.1)
      haml (~> 4.0)
    hpricot (0.8.6)
    i18n (0.7.0)
    json (1.8.3)
    kgio (2.10.0)
    locale (2.1.1)
    lockfile (2.1.3)
    maruku (0.7.2)
    mime-types (2.6.1)
    mini_portile (0.6.2)
    minitest (5.8.0)
    moneta (0.8.0)
    multi_json (1.11.2)
    multipart-parser (0.1.1)
    net-ldap (0.11)
    nokogiri (1.6.6.2)
      mini_portile (~> 0.6.0)
    rack (1.6.4)
    rack-protection (1.5.3)
      rack
    rack-test (0.6.3)
      rack (>= 1.0)
    rainbows (4.6.2)
      kgio (~> 2.5)
      rack (~> 1.1)
      unicorn (~> 4.8)
    raindrops (0.15.0)
    rake (10.4.2)
    rspec (3.3.0)
      rspec-core (~> 3.3.0)
      rspec-expectations (~> 3.3.0)
      rspec-mocks (~> 3.3.0)
    rspec-core (3.3.2)
      rspec-support (~> 3.3.0)
    rspec-expectations (3.3.1)
      diff-lcs (>= 1.2.0, < 2.0)
      rspec-support (~> 3.3.0)
    rspec-mocks (3.3.2)
      diff-lcs (>= 1.2.0, < 2.0)
      rspec-support (~> 3.3.0)
    rspec-support (3.3.0)
    sass (3.4.18)
    sinatra (1.4.6)
      rack (~> 1.4)
      rack-protection (~> 1.4)
      tilt (>= 1.3, < 3)
    sinatra-contrib (1.4.6)
      backports (>= 2.0)
      multi_json
      rack-protection
      rack-test
      sinatra (~> 1.4.0)
      tilt (>= 1.3, < 3)
    text (1.3.1)
    thread_safe (0.3.5)
    tilt (2.0.1)
    timecop (0.8.0)
    tzinfo (1.2.2)
      thread_safe (~> 0.1)
    unicorn (4.9.0)
      kgio (~> 2.6)
      rack
      raindrops (~> 0.7)
    upr (0.3.0)
      moneta (~> 0.7)
      rack
    xpath (2.0.0)
      nokogiri (~> 1.3)

PLATFORMS
  ruby

DEPENDENCIES
  activesupport
  capybara
  coquelicot!
  hpricot
  net-ldap
  rack-test
  rake
  rspec (~> 3)
  timecop
  tzinfo

BUNDLED WITH
   1.10.6
