GEM
  remote: http://rubygems.org/
  specs:
    backports (2.3.0)
    daemons (1.1.8)
    diff-lcs (1.1.3)
    eventmachine (0.12.10)
    gettext (2.1.0)
      locale (>= 2.0.5)
    haml (3.0.25)
    hpricot (0.8.6)
    json (1.6.5)
    locale (2.0.5)
    lockfile (1.4.3)
    rack (1.4.1)
    rack-protection (1.2.0)
      rack
    rack-test (0.5.7)
      rack (>= 1.0)
    rspec (2.8.0)
      rspec-core (~> 2.8.0)
      rspec-expectations (~> 2.8.0)
      rspec-mocks (~> 2.8.0)
    rspec-core (2.8.0)
    rspec-expectations (2.8.0)
      diff-lcs (~> 1.1.2)
    rspec-mocks (2.8.0)
    sinatra (1.3.2)
      rack (~> 1.3, >= 1.3.6)
      rack-protection (~> 1.2)
      tilt (~> 1.3, >= 1.3.3)
    sinatra-contrib (1.3.1)
      backports (>= 2.0)
      eventmachine
      rack-protection
      rack-test
      sinatra (~> 1.3.0)
      tilt (~> 1.3)
    thin (1.3.1)
      daemons (>= 1.0.9)
      eventmachine (>= 0.12.6)
      rack (>= 1.0.0)
    tilt (1.3.3)
    timecop (0.3.5)

PLATFORMS
  ruby

DEPENDENCIES
  gettext (~> 2.1.0)
  haml (~> 3.0.15)
  hpricot (~> 0.8.2)
  json
  lockfile (~> 1.4.3)
  rack (~> 1.1)
  rack-test (~> 0.5.7)
  rspec (~> 2.0)
  sinatra (~> 1.3)
  sinatra-contrib (~> 1.3)
  thin
  timecop (~> 0.3.5)
