PATH
  remote: .
  specs:
    coquelicot (0.9.dev)
      fast_gettext
      haml (~> 3.1)
      haml-magic-translations (~> 0.3)
      json
      lockfile (~> 2.0)
      maruku
      moneta (~> 0.7)
      multipart-parser
      rack (~> 1.1)
      rainbows
      sass
      sinatra (~> 1.3)
      sinatra-contrib (~> 1.3)
      upr

GEM
  remote: http://rubygems.org/
  specs:
    active_support (3.0.0)
      activesupport (= 3.0.0)
    activesupport (3.0.0)
    backports (2.3.0)
    capybara (1.1.2)
      mime-types (>= 1.16)
      nokogiri (>= 1.3.3)
      rack (>= 1.0.0)
      rack-test (>= 0.5.4)
      selenium-webdriver (~> 2.0)
      xpath (~> 0.1.4)
    childprocess (0.3.1)
      ffi (~> 1.0.6)
    diff-lcs (1.1.3)
    eventmachine (0.12.10)
    fast_gettext (0.6.4)
    ffi (1.0.11)
    gettext (2.1.0)
      locale (>= 2.0.5)
    haml (3.1.4)
    haml-magic-translations (0.3.1)
      haml (>= 3.1.0)
    hpricot (0.8.6)
    json (1.6.5)
    kgio (2.7.2)
    locale (2.0.5)
    lockfile (2.1.0)
    maruku (0.6.0)
      syntax (>= 1.0.0)
    mime-types (1.17.2)
    moneta (0.6.0)
    multi_json (1.0.4)
    multipart-parser (0.1.0)
    nokogiri (1.5.0)
    rack (1.4.1)
    rack-protection (1.2.0)
      rack
    rack-test (0.5.7)
      rack (>= 1.0)
    rainbows (4.3.1)
      kgio (~> 2.5)
      rack (~> 1.1)
      unicorn (~> 4.1)
    raindrops (0.8.0)
    rspec (2.9.0)
      rspec-core (~> 2.9.0)
      rspec-expectations (~> 2.9.0)
      rspec-mocks (~> 2.9.0)
    rspec-core (2.9.0)
    rspec-expectations (2.9.0)
      diff-lcs (~> 1.1.3)
    rspec-mocks (2.9.0)
    rubyzip (0.9.6.1)
    sass (3.1.15)
    selenium-webdriver (2.19.0)
      childprocess (>= 0.2.5)
      ffi (~> 1.0.9)
      multi_json (~> 1.0.4)
      rubyzip
    sinatra (1.3.2)
      rack (~> 1.3, >= 1.3.6)
      rack-protection (~> 1.2)
      tilt (~> 1.3, >= 1.3.3)
    sinatra-contrib (1.3.1)
      backports (>= 2.0)
      eventmachine
      rack-protection
      rack-test
      sinatra (~> 1.3.0)
      tilt (~> 1.3)
    syntax (1.0.0)
    tilt (1.3.3)
    timecop (0.3.5)
    unicorn (4.2.0)
      kgio (~> 2.6)
      rack
      raindrops (~> 0.7)
    upr (0.2.0)
      moneta
      rack
    xpath (0.1.4)
      nokogiri (~> 1.3)

PLATFORMS
  ruby

DEPENDENCIES
  active_support
  capybara
  coquelicot!
  gettext
  hpricot
  rack-test
  rspec (~> 2.6)
  timecop
