PATH
  remote: .
  specs:
    coquelicot (0.9.2)
      fast_gettext
      haml (~> 3.1)
      haml-magic-translations (~> 0.3)
      json
      lockfile (~> 2.0)
      maruku
      moneta (~> 0.7)
      multipart-parser
      rack (~> 1.1)
      rainbows
      sass
      sinatra (~> 1.3)
      sinatra-contrib (~> 1.3)
      upr

GEM
  remote: https://rubygems.org/
  specs:
    activesupport (4.1.0)
      i18n (~> 0.6, >= 0.6.9)
      json (~> 1.7, >= 1.7.7)
      minitest (~> 5.1)
      thread_safe (~> 0.1)
      tzinfo (~> 1.1)
    backports (3.6.0)
    capybara (2.2.1)
      mime-types (>= 1.16)
      nokogiri (>= 1.3.3)
      rack (>= 1.0.0)
      rack-test (>= 0.5.4)
      xpath (~> 2.0)
    diff-lcs (1.2.5)
    fast_gettext (0.8.1)
    gettext (3.1.2)
      locale (>= 2.0.5)
      text
    haml (3.1.8)
    haml-magic-translations (0.5.1)
      haml (~> 3.1)
    hpricot (0.8.6)
    i18n (0.6.9)
    json (1.8.1)
    kgio (2.9.2)
    locale (2.1.0)
    lockfile (2.1.3)
    maruku (0.7.1)
    mime-types (2.2)
    mini_portile (0.5.3)
    minitest (5.3.3)
    moneta (0.7.20)
    multi_json (1.10.0)
    multipart-parser (0.1.1)
    net-ldap (0.6.1)
    nokogiri (1.6.1)
      mini_portile (~> 0.5.0)
    rack (1.5.2)
    rack-protection (1.5.3)
      rack
    rack-test (0.6.2)
      rack (>= 1.0)
    rainbows (4.6.1)
      kgio (~> 2.5)
      rack (~> 1.1)
      unicorn (~> 4.8)
    raindrops (0.13.0)
    rake (10.3.1)
    rspec (2.14.1)
      rspec-core (~> 2.14.0)
      rspec-expectations (~> 2.14.0)
      rspec-mocks (~> 2.14.0)
    rspec-core (2.14.8)
    rspec-expectations (2.14.5)
      diff-lcs (>= 1.1.3, < 2.0)
    rspec-mocks (2.14.6)
    sass (3.3.7)
    sinatra (1.4.5)
      rack (~> 1.4)
      rack-protection (~> 1.4)
      tilt (~> 1.3, >= 1.3.4)
    sinatra-contrib (1.4.2)
      backports (>= 2.0)
      multi_json
      rack-protection
      rack-test
      sinatra (~> 1.4.0)
      tilt (~> 1.3)
    text (1.2.3)
    thread_safe (0.3.3)
    tilt (1.4.1)
    timecop (0.7.1)
    tzinfo (1.1.0)
      thread_safe (~> 0.1)
    unicorn (4.8.2)
      kgio (~> 2.6)
      rack
      raindrops (~> 0.7)
    upr (0.3.0)
      moneta (~> 0.7)
      rack
    xpath (2.0.0)
      nokogiri (~> 1.3)

PLATFORMS
  ruby

DEPENDENCIES
  activesupport
  capybara
  coquelicot!
  gettext
  hpricot
  net-ldap
  rack-test
  rake
  rspec (~> 2.11)
  timecop
  tzinfo
