GEM
  remote: http://rubygems.org/
  specs:
    gettext (2.1.0)
      locale (>= 2.0.5)
    haml (3.0.25)
    hpricot (0.8.3)
    locale (2.0.5)
    lockfile (1.4.3)
    rack (1.2.1)
    rack-test (0.5.7)
      rack (>= 1.0)
    rspec (1.3.0)
    sinatra (1.0)
      rack (>= 1.0)
    timecop (0.3.5)

PLATFORMS
  ruby

DEPENDENCIES
  gettext (~> 2.1.0)
  haml (~> 3.0.15)
  hpricot (~> 0.8.2)
  lockfile (~> 1.4.3)
  rack (~> 1.1)
  rack-test (~> 0.5.7)
  rspec (= 1.3.0)
  sinatra (= 1.0)
  timecop (~> 0.3.5)
